GEM
  remote: https://rubygems.org/
  specs:
    activemodel (4.2.8)
      activesupport (= 4.2.8)
      builder (~> 3.1)
    activerecord (4.2.8)
      activemodel (= 4.2.8)
      activesupport (= 4.2.8)
      arel (~> 6.0)
    activerecord-mysql-awesome (0.0.9)
      activerecord (~> 4.0)
      activesupport (~> 4.0)
      mysql2 (>= 0.3.18)
    activesupport (4.2.8)
      i18n (~> 0.7)
      minitest (~> 5.1)
      thread_safe (~> 0.3, >= 0.3.4)
      tzinfo (~> 1.1)
    arel (6.0.4)
    axiom-types (0.1.1)
      descendants_tracker (~> 0.0.4)
      ice_nine (~> 0.11.0)
      thread_safe (~> 0.3, >= 0.3.1)
    builder (3.2.3)
    byebug (9.0.6)
    coderay (1.1.1)
    coercible (1.0.0)
      descendants_tracker (~> 0.0.1)
    descendants_tracker (0.0.4)
      thread_safe (~> 0.3, >= 0.3.1)
    diffy (3.2.0)
    equalizer (0.0.11)
    factory_girl (4.8.0)
      activesupport (>= 3.0.0)
    grape (0.19.1)
      activesupport
      builder
      hashie (>= 2.1.0)
      multi_json (>= 1.3.2)
      multi_xml (>= 0.5.2)
      mustermann-grape (~> 0.4.0)
      rack (>= 1.3.0)
      rack-accept
      virtus (>= 1.0.0)
    hashie (3.5.5)
    i18n (0.8.1)
    ice_nine (0.11.2)
    method_source (0.8.2)
    minitest (5.10.1)
    multi_json (1.12.1)
    multi_xml (0.6.0)
    mustermann (0.4.0)
      tool (~> 0.2)
    mustermann-grape (0.4.0)
      mustermann (= 0.4.0)
    mysql2 (0.4.5)
    power_assert (1.0.1)
    pry (0.10.4)
      coderay (~> 1.1.0)
      method_source (~> 0.8.1)
      slop (~> 3.4)
    pry-byebug (3.4.2)
      byebug (~> 9.0)
      pry (~> 0.10)
    rack (2.0.1)
    rack-accept (0.4.5)
      rack (>= 0.4)
    rack-test (0.6.3)
      rack (>= 1.0)
    rake (12.0.0)
    ridgepole (0.6.5)
      activerecord (>= 4.2, < 6)
      diffy
    sequel (4.44.0)
    slop (3.6.0)
    test-unit (3.2.3)
      power_assert
    thread_safe (0.3.6)
    tool (0.2.3)
    tzinfo (1.2.2)
      thread_safe (~> 0.1)
    virtus (1.0.5)
      axiom-types (~> 0.1)
      coercible (~> 1.0)
      descendants_tracker (~> 0.0, >= 0.0.3)
      equalizer (~> 0.0, >= 0.0.9)

PLATFORMS
  ruby

DEPENDENCIES
  activerecord-mysql-awesome
  activesupport
  factory_girl
  grape
  hashie
  mysql2
  pry-byebug
  rack
  rack-test
  rake
  ridgepole
  sequel
  test-unit

BUNDLED WITH
   1.14.6
